GIT
  remote: git://github.com/tomdalling/defstruct.git
  revision: e0fc3722aa9e7035a83d7407367dbf9ef947036c
  specs:
    defstruct (0.0.1)

GEM
  remote: https://rubygems.org/
  specs:
    gosu (0.8.7.2)

PLATFORMS
  ruby

DEPENDENCIES
  defstruct!
  gosu (~> 0.8.7.2)
